GIT
  remote: git://github.com/stefanoverna/activeadmin-dragonfly.git
  revision: 611164ff0255c66a3e555b5d46dd99f0eff1f115
  specs:
    activeadmin-dragonfly (0.0.2)
      activeadmin
      dragonfly (= 0.9.15)
      rack-cache

GIT
  remote: git://github.com/stefanoverna/activeadmin-wysihtml5.git
  revision: cf609b7bd4331866a261bd04da81fd84b80d9469
  specs:
    activeadmin-wysihtml5 (1.0.0)
      activeadmin
      activeadmin-dragonfly

GEM
  remote: https://rubygems.org/
  specs:
    actionmailer (4.2.6)
      actionpack (= 4.2.6)
      actionview (= 4.2.6)
      activejob (= 4.2.6)
      mail (~> 2.5, >= 2.5.4)
      rails-dom-testing (~> 1.0, >= 1.0.5)
    actionpack (4.2.6)
      actionview (= 4.2.6)
      activesupport (= 4.2.6)
      rack (~> 1.6)
      rack-test (~> 0.6.2)
      rails-dom-testing (~> 1.0, >= 1.0.5)
      rails-html-sanitizer (~> 1.0, >= 1.0.2)
    actionview (4.2.6)
      activesupport (= 4.2.6)
      builder (~> 3.1)
      erubis (~> 2.7.0)
      rails-dom-testing (~> 1.0, >= 1.0.5)
      rails-html-sanitizer (~> 1.0, >= 1.0.2)
    active_admin_jcrop (0.0.10)
      mini_magick
      rails (> 3.2.0)
    active_model_serializers (0.9.5)
      activemodel (>= 3.2)
    activeadmin (1.0.0.pre1)
      arbre (~> 1.0, >= 1.0.2)
      bourbon
      coffee-rails
      formtastic (~> 3.1)
      formtastic_i18n
      inherited_resources (~> 1.6)
      jquery-rails
      jquery-ui-rails (~> 5.0)
      kaminari (~> 0.15)
      rails (>= 3.2, < 5.0)
      ransack (~> 1.3)
      sass-rails
    activejob (4.2.6)
      activesupport (= 4.2.6)
      globalid (>= 0.3.0)
    activemodel (4.2.6)
      activesupport (= 4.2.6)
      builder (~> 3.1)
    activerecord (4.2.6)
      activemodel (= 4.2.6)
      activesupport (= 4.2.6)
      arel (~> 6.0)
    activesupport (4.2.6)
      i18n (~> 0.7)
      json (~> 1.7, >= 1.7.7)
      minitest (~> 5.1)
      thread_safe (~> 0.3, >= 0.3.4)
      tzinfo (~> 1.1)
    addressable (2.4.0)
    aitch (0.5.0)
      nokogiri (>= 1.6.0)
    arbre (1.0.3)
      activesupport (>= 3.0.0)
    arel (6.0.3)
    autoprefixer-rails (6.3.6.2)
      execjs
    aws-sdk (1.66.0)
      aws-sdk-v1 (= 1.66.0)
    aws-sdk-v1 (1.66.0)
      json (~> 1.4)
      nokogiri (>= 1.4.4)
    bcrypt (3.1.11)
    bcrypt (3.1.11-java)
    bcrypt (3.1.11-x86-mingw32)
    bootstrap-sass (3.3.6)
      autoprefixer-rails (>= 5.2.1)
      sass (>= 3.3.4)
    bourbon (4.2.7)
      sass (~> 3.4)
      thor (~> 0.19)
    builder (3.2.2)
    cancan (1.6.10)
    chunky_png (1.3.5)
    climate_control (0.0.3)
      activesupport (>= 3.0)
    cocaine (0.5.8)
      climate_control (>= 0.0.3, < 1.0)
    coffee-rails (4.1.1)
      coffee-script (>= 2.2.0)
      railties (>= 4.0.0, < 5.1.x)
    coffee-script (2.4.1)
      coffee-script-source
      execjs
    coffee-script-source (1.10.0)
    concurrent-ruby (1.0.2)
    concurrent-ruby (1.0.2-java)
    devise (3.4.1)
      bcrypt (~> 3.0)
      orm_adapter (~> 0.1)
      railties (>= 3.2.6, < 5)
      responders
      thread_safe (~> 0.1)
      warden (~> 1.2.3)
    devise-i18n (1.0.1)
    dragonfly (0.9.15)
      multi_json (~> 1.0)
      rack
    erubis (2.7.0)
    execjs (2.7.0)
    faraday (0.9.2)
      multipart-post (>= 1.2, < 3)
    figaro (1.1.1)
      thor (~> 0.14)
    formtastic (3.1.4)
      actionpack (>= 3.2.13)
    formtastic_i18n (0.6.0)
    globalid (0.3.6)
      activesupport (>= 4.1.0)
    has_scope (0.6.0)
      actionpack (>= 3.2, < 5)
      activesupport (>= 3.2, < 5)
    hashie (3.4.4)
    i18n (0.7.0)
    inherited_resources (1.6.0)
      actionpack (>= 3.2, < 5)
      has_scope (~> 0.6.0.rc)
      railties (>= 3.2, < 5)
      responders
    jbuilder (2.5.0)
      activesupport (>= 3.0.0, < 5.1)
      multi_json (~> 1.2)
    jquery-rails (4.1.1)
      rails-dom-testing (>= 1, < 3)
      railties (>= 4.2.0)
      thor (>= 0.14, < 2.0)
    jquery-ui-rails (5.0.5)
      railties (>= 3.2.16)
    json (1.8.3)
    json (1.8.3-java)
    jwt (1.5.1)
    kaminari (0.17.0)
      actionpack (>= 3.0.0)
      activesupport (>= 3.0.0)
    koala (2.3.0)
      addressable
      faraday
      multi_json
    loofah (2.0.3)
      nokogiri (>= 1.5.9)
    magnific-popup-rails (1.1.0)
    mail (2.6.4)
      mime-types (>= 1.16, < 4)
    mime-types (3.1)
      mime-types-data (~> 3.2015)
    mime-types-data (3.2016.0521)
    mimemagic (0.3.0)
    mini_magick (4.5.1)
    mini_portile2 (2.1.0)
    minitest (5.9.0)
    multi_json (1.12.1)
    multi_xml (0.5.5)
    multipart-post (2.0.0)
    nokogiri (1.6.8)
      mini_portile2 (~> 2.1.0)
      pkg-config (~> 1.1.7)
    nokogiri (1.6.8-java)
    nokogiri (1.6.8-x86-mingw32)
      mini_portile2 (~> 2.1.0)
      pkg-config (~> 1.1.7)
    oauth2 (1.1.0)
      faraday (>= 0.8, < 0.10)
      jwt (~> 1.0, < 1.5.2)
      multi_json (~> 1.3)
      multi_xml (~> 0.5)
      rack (>= 1.2, < 3)
    omniauth (1.3.1)
      hashie (>= 1.2, < 4)
      rack (>= 1.0, < 3)
    omniauth-facebook (3.0.0)
      omniauth-oauth2 (~> 1.2)
    omniauth-oauth2 (1.4.0)
      oauth2 (~> 1.0)
      omniauth (~> 1.2)
    orm_adapter (0.5.0)
    pagseguro-oficial (2.6.0)
      aitch (~> 0.2)
      i18n (~> 0.7)
      json (~> 1.8)
      nokogiri (~> 1.6)
    paperclip (4.3.0)
      activemodel (>= 3.2.0)
      activesupport (>= 3.2.0)
      cocaine (~> 0.5.5)
      mime-types
      mimemagic (= 0.3.0)
    pg (0.18.4)
    pg (0.18.4-x86-mingw32)
    pkg-config (1.1.7)
    polyamorous (1.3.0)
      activerecord (>= 3.0)
    rack (1.6.4)
    rack-cache (1.6.1)
      rack (>= 0.4)
    rack-test (0.6.3)
      rack (>= 1.0)
    rails (4.2.6)
      actionmailer (= 4.2.6)
      actionpack (= 4.2.6)
      actionview (= 4.2.6)
      activejob (= 4.2.6)
      activemodel (= 4.2.6)
      activerecord (= 4.2.6)
      activesupport (= 4.2.6)
      bundler (>= 1.3.0, < 2.0)
      railties (= 4.2.6)
      sprockets-rails
    rails-deprecated_sanitizer (1.0.3)
      activesupport (>= 4.2.0.alpha)
    rails-dom-testing (1.0.7)
      activesupport (>= 4.2.0.beta, < 5.0)
      nokogiri (~> 1.6.0)
      rails-deprecated_sanitizer (>= 1.0.1)
    rails-html-sanitizer (1.0.3)
      loofah (~> 2.0)
    railties (4.2.6)
      actionpack (= 4.2.6)
      activesupport (= 4.2.6)
      rake (>= 0.8.7)
      thor (>= 0.18.1, < 2.0)
    rake (11.1.2)
    ransack (1.7.0)
      actionpack (>= 3.0)
      activerecord (>= 3.0)
      activesupport (>= 3.0)
      i18n
      polyamorous (~> 1.2)
    rdoc (4.2.2)
      json (~> 1.4)
    recaptcha (3.3.0)
      json
    responders (2.2.0)
      railties (>= 4.2.0, < 5.1)
    rqrcode (0.10.1)
      chunky_png (~> 1.0)
    rqrcode_png (0.1.5)
      chunky_png
      rqrcode
    rubyzip (1.2.0)
    sass (3.4.22)
    sass-rails (5.0.4)
      railties (>= 4.0.0, < 5.0)
      sass (~> 3.1)
      sprockets (>= 2.8, < 4.0)
      sprockets-rails (>= 2.0, < 4.0)
      tilt (>= 1.1, < 3)
    sdoc (0.4.1)
      json (~> 1.7, >= 1.7.7)
      rdoc (~> 4.0)
    sprockets (3.6.0)
      concurrent-ruby (~> 1.0)
      rack (> 1, < 3)
    sprockets-rails (3.0.4)
      actionpack (>= 4.0)
      activesupport (>= 4.0)
      sprockets (>= 3.0.0)
    therubyrhino (2.0.4)
      therubyrhino_jar (>= 1.7.3)
    therubyrhino_jar (1.7.6)
    thor (0.19.1)
    thread_safe (0.3.5)
    thread_safe (0.3.5-java)
    tilt (2.0.5)
    turbolinks (2.5.3)
      coffee-rails
    tzinfo (1.2.2)
      thread_safe (~> 0.1)
    tzinfo-data (1.2016.4)
      tzinfo (>= 1.0.0)
    uglifier (3.0.0)
      execjs (>= 0.3.0, < 3)
    warden (1.2.6)
      rack (>= 1.0)

PLATFORMS
  java
  ruby
  x86-mingw32

DEPENDENCIES
  active_admin_jcrop (~> 0.0.10)
  active_model_serializers (~> 0.9.5)
  activeadmin (= 1.0.0.pre1)
  activeadmin-dragonfly!
  activeadmin-wysihtml5!
  aws-sdk (< 2.0)
  bootstrap-sass (~> 3.3.6)
  cancan (~> 1.6, >= 1.6.10)
  coffee-rails (~> 4.1.0)
  devise (~> 3.4.1)
  devise-i18n
  figaro (~> 1.1, >= 1.1.1)
  jbuilder (~> 2.0)
  jquery-rails
  koala (~> 2.3)
  magnific-popup-rails (~> 1.1)
  mini_magick (~> 4.5, >= 4.5.1)
  omniauth-facebook
  pagseguro-oficial (~> 2.6)
  paperclip (= 4.3)
  pg
  rails (= 4.2.6)
  recaptcha
  rqrcode_png (~> 0.1.5)
  rubyzip (~> 1.0)
  sass-rails (~> 5.0)
  sdoc (~> 0.4.0)
  therubyrhino
  turbolinks
  tzinfo-data
  uglifier (>= 1.3.0)

BUNDLED WITH
   1.13.6
